GEM
  remote: https://rubygems.org/
  specs:
    bson (4.2.2)
    json (2.1.0)
    mongo (2.4.2)
      bson (>= 4.2.1, < 5.0.0)
    mustermann (1.0.0)
    rack (2.0.3)
    rack-protection (2.0.0)
      rack
    sinatra (2.0.2)
      mustermann (~> 1.0)
      rack (~> 2.0)
      rack-protection (= 2.0.0)
      tilt (~> 2.0)
    tilt (2.0.7)

PLATFORMS
  ruby

DEPENDENCIES
  json
  mongo
  sinatra

BUNDLED WITH
   1.15.1
